PATH
  remote: .
  specs:
    mailtrap (0.2.2.20130627220419)
      daemons (>= 1.0.8)
      tmail (>= 1.2.2)
      trollop (>= 1.7)

GEM
  remote: https://rubygems.org/
  specs:
    activesupport (4.0.0)
      i18n (~> 0.6, >= 0.6.4)
      minitest (~> 4.2)
      multi_json (~> 1.3)
      thread_safe (~> 0.1)
      tzinfo (~> 0.3.37)
    atomic (1.1.10)
    columnize (0.3.6)
    daemons (1.1.9)
    debugger (1.6.0)
      columnize (>= 0.3.1)
      debugger-linecache (~> 1.2.0)
      debugger-ruby_core_source (~> 1.2.1)
    debugger-linecache (1.2.0)
    debugger-ruby_core_source (1.2.3)
    diff-lcs (1.2.4)
    fakefs (0.4.2)
    hoe (3.6.3)
      rake (>= 0.8, < 11.0)
    i18n (0.6.4)
    json (1.8.0)
    metaclass (0.0.1)
    minitest (4.7.5)
    mocha (0.14.0)
      metaclass (~> 0.0.1)
    multi_json (1.7.7)
    rake (10.0.4)
    rdoc (4.0.1)
      json (~> 1.4)
    rspec (2.13.0)
      rspec-core (~> 2.13.0)
      rspec-expectations (~> 2.13.0)
      rspec-mocks (~> 2.13.0)
    rspec-core (2.13.1)
    rspec-expectations (2.13.0)
      diff-lcs (>= 1.1.3, < 2.0)
    rspec-mocks (2.13.1)
    shoulda (3.5.0)
      shoulda-context (~> 1.0, >= 1.0.1)
      shoulda-matchers (>= 1.4.1, < 3.0)
    shoulda-context (1.1.4)
    shoulda-matchers (2.2.0)
      activesupport (>= 3.0.0)
    thread_safe (0.1.0)
      atomic
    tmail (1.2.7.1)
    trollop (2.0)
    tzinfo (0.3.37)

PLATFORMS
  ruby

DEPENDENCIES
  debugger
  fakefs
  hoe
  mailtrap!
  mocha
  rdoc (~> 4.0)
  rspec
  shoulda
  tmail (~> 1.2.3)
